GEM
  remote: https://rubygems.org/
  specs:
    brewery_db (0.2.2)
      faraday (~> 0.8.0)
      faraday_middleware (~> 0.8)
      hashie (>= 1.1, < 3)
    bubble-wrap (1.4.0)
    faraday (0.8.9)
      multipart-post (~> 1.2.0)
    faraday_middleware (0.9.0)
      faraday (>= 0.7.4, < 0.9)
    hashie (2.0.5)
    multipart-post (1.2.0)
    rake (10.1.1)

PLATFORMS
  ruby

DEPENDENCIES
  brewery_db
  bubble-wrap (~> 1.4.0)
  rake
