GEM
  remote: https://rubygems.org/
  specs:
    ProMotion (1.1.2)
      methadone
    activesupport (3.2.17)
      i18n (~> 0.6, >= 0.6.4)
      multi_json (~> 1.0)
    addressable (2.3.5)
    afmotion (2.0.0)
      motion-cocoapods (~> 1.4.0)
      motion-require (~> 0.0.7)
    brewery_db (0.2.3)
      faraday (~> 0.8.0)
      faraday_middleware (~> 0.8)
      hashie (>= 1.1, < 3)
    bubble-wrap (1.4.0)
    claide (0.5.0)
    cocoapods (0.32.1)
      activesupport (>= 3.2.15, < 4)
      claide (~> 0.5.0)
      cocoapods-core (= 0.32.1)
      cocoapods-downloader (~> 0.5.0)
      cocoapods-try (~> 0.2.0)
      colored (~> 1.2)
      escape (~> 0.0.4)
      json_pure (~> 1.8)
      nap (~> 0.7)
      open4 (~> 1.3)
      xcodeproj (~> 0.16.1)
    cocoapods-core (0.32.1)
      activesupport (>= 3.2.15, < 4)
      fuzzy_match (~> 2.0.4)
      json_pure (~> 1.8)
      nap (~> 0.5)
    cocoapods-downloader (0.5.0)
    cocoapods-try (0.2.0)
    colored (1.2)
    escape (0.0.4)
    excon (0.31.0)
    faraday (0.8.9)
      multipart-post (~> 1.2.0)
    faraday_middleware (0.9.0)
      faraday (>= 0.7.4, < 0.9)
    fuzzy_match (2.0.4)
    hashie (2.0.5)
    heroku (3.3.0)
      heroku-api (~> 0.3.17)
      launchy (>= 0.3.2)
      netrc (~> 0.7.7)
      rest-client (~> 1.6.1)
      rubyzip
    heroku-api (0.3.17)
      excon (~> 0.27)
      multi_json (~> 1.8.2)
    i18n (0.6.9)
    icalendar (1.5.2)
    json_pure (1.8.1)
    launchy (2.4.2)
      addressable (~> 2.3)
    methadone (1.3.2)
      bundler
    mime-types (2.1)
    motion-blitz (1.0.1)
      motion-cocoapods (>= 1.4.0)
    motion-cocoapods (1.4.2)
      cocoapods (>= 0.32.1)
    motion-fontawesome (0.0.1)
      rake
    motion-require (0.0.7)
    motion-testflight (1.5)
    multi_json (1.8.4)
    multipart-post (1.2.0)
    nap (0.7.0)
    netrc (0.7.7)
    open4 (1.3.3)
    rake (10.3.1)
    rest-client (1.6.7)
      mime-types (>= 1.16)
    rubyzip (1.1.0)
    xcodeproj (0.16.1)
      activesupport (~> 3.0)
      colored (~> 1.2)

PLATFORMS
  ruby

DEPENDENCIES
  ProMotion (~> 1.1.0)
  afmotion (~> 2.0.0)
  brewery_db
  bubble-wrap (~> 1.4.0)
  cocoapods (= 0.32.1)
  heroku
  icalendar
  motion-blitz
  motion-cocoapods (= 1.4.2)
  motion-fontawesome
  motion-testflight
  rake
